PATH
  remote: .
  specs:
    xmpp4r (0.5.7)
      ox (~> 2.4)

GEM
  remote: https://rubygems.org/
  specs:
    json (1.8.1)
    ox (2.4.3)
    rake (10.3.2)
    rdoc (3.12.2)
      json (~> 1.4)

PLATFORMS
  ruby

DEPENDENCIES
  rake (>= 10.0)
  rdoc (~> 3.0)
  xmpp4r!

BUNDLED WITH
   1.11.2
