PATH
  remote: .
  specs:
    xmpp4r (0.5.8)
      nokogiri (~> 1.6)

GEM
  remote: https://rubygems.org/
  specs:
    json (1.8.1)
    mini_portile2 (2.0.0)
    nokogiri (1.6.7.2)
      mini_portile2 (~> 2.0.0.rc2)
    rake (10.3.2)
    rdoc (3.12.2)
      json (~> 1.4)

PLATFORMS
  ruby

DEPENDENCIES
  rake (>= 10.0)
  rdoc (~> 3.0)
  xmpp4r!

BUNDLED WITH
   1.11.2
